GIT
  remote: https://github.com/sass/ruby-sass.git
  revision: 8b77fc88f8bdbc21b44d0a5be7833d91a5edb04c
  branch: stable
  specs:
    sass (3.5.7)
      sass-listen (~> 4.0.0)

PATH
  remote: .
  specs:
    sass-spec (3.3.3)
      command_line_reporter (~> 3.0)
      diffy (~> 3.1)
      minitest (~> 5.8)
      ruby-terminfo (~> 0.1.1)

GEM
  remote: https://rubygems.org/
  specs:
    colored (1.2)
    command_line_reporter (3.3.6)
      colored (>= 1.2)
    diffy (3.2.1)
    ffi (1.9.25)
    minitest (5.11.3)
    rb-fsevent (0.10.3)
    rb-inotify (0.9.10)
      ffi (>= 0.5.0, < 2)
    ruby-terminfo (0.1.1)
    sass-listen (4.0.0)
      rb-fsevent (~> 0.9, >= 0.9.4)
      rb-inotify (~> 0.9, >= 0.9.7)

PLATFORMS
  ruby

DEPENDENCIES
  bundler (~> 1.7)
  sass!
  sass-spec!

BUNDLED WITH
   1.16.2
